PATH
  remote: .
  specs:
    skyline (0.0.2)
      fattr
      home_run
      methadone
      paint

GEM
  remote: https://rubygems.org/
  specs:
    diff-lcs (1.2.5)
    fattr (2.2.2)
    home_run (1.0.9)
    methadone (1.8.0)
      bundler
    paint (0.9.0)
    rake (10.4.2)
    rspec (3.2.0)
      rspec-core (~> 3.2.0)
      rspec-expectations (~> 3.2.0)
      rspec-mocks (~> 3.2.0)
    rspec-core (3.2.0)
      rspec-support (~> 3.2.0)
    rspec-expectations (3.2.0)
      diff-lcs (>= 1.2.0, < 2.0)
      rspec-support (~> 3.2.0)
    rspec-mocks (3.2.0)
      diff-lcs (>= 1.2.0, < 2.0)
      rspec-support (~> 3.2.0)
    rspec-support (3.2.1)

PLATFORMS
  ruby

DEPENDENCIES
  bundler
  rake
  rspec
  skyline!
