PATH
  remote: .
  specs:
    skyline (0.0.2)
      fattr
      httparty
      methadone
      paint

GEM
  remote: https://rubygems.org/
  specs:
    diff-lcs (1.2.5)
    fattr (2.2.2)
    httparty (0.13.3)
      json (~> 1.8)
      multi_xml (>= 0.5.2)
    json (1.8.2)
    methadone (1.8.0)
      bundler
    multi_xml (0.5.5)
    paint (0.9.0)
    rake (10.4.2)
    rspec (3.2.0)
      rspec-core (~> 3.2.0)
      rspec-expectations (~> 3.2.0)
      rspec-mocks (~> 3.2.0)
    rspec-core (3.2.0)
      rspec-support (~> 3.2.0)
    rspec-expectations (3.2.0)
      diff-lcs (>= 1.2.0, < 2.0)
      rspec-support (~> 3.2.0)
    rspec-mocks (3.2.0)
      diff-lcs (>= 1.2.0, < 2.0)
      rspec-support (~> 3.2.0)
    rspec-support (3.2.1)

PLATFORMS
  ruby

DEPENDENCIES
  bundler
  rake
  rspec
  skyline!
